ObjectType = Image
NDims = 3
BinaryData = True
BinaryDataByteOrderMSB = False
CompressedData = True
CompressedDataSize = 451779
TransformMatrix = 1 0 0 0 1 0 0 0 1
Offset = -157.67773 -311.67773 -438.39999999999998
CenterOfRotation = 0 0 0
AnatomicalOrientation = RAI
ElementSpacing = 0.64453125 0.64453125 1.7999999523162842
DimSize = 512 512 194
ElementType = MET_SHORT
ElementDataFile = 1.3.6.1.4.1.14519.5.2.1.6279.6001.100225287222365663678666836860.zraw
